GEM
  remote: https://rubygems.org/
  specs:
    debug (1.7.2)
      irb (>= 1.5.0)
      reline (>= 0.3.1)
    hashie (5.0.0)
    io-console (0.6.0)
    irb (1.6.4)
      reline (>= 0.3.0)
    mustermann (3.0.0)
      ruby2_keywords (~> 0.0.1)
    omniauth (2.1.1)
      hashie (>= 3.4.6)
      rack (>= 2.2.3)
      rack-protection
    rack (2.2.6.4)
    rack-protection (3.0.6)
      rack
    reline (0.3.3)
      io-console (~> 0.5)
    ruby2_keywords (0.0.5)
    sinatra (3.0.6)
      mustermann (~> 3.0)
      rack (~> 2.2, >= 2.2.4)
      rack-protection (= 3.0.6)
      tilt (~> 2.0)
    tilt (2.1.0)

PLATFORMS
  x86_64-darwin-20

DEPENDENCIES
  debug
  omniauth
  sinatra

BUNDLED WITH
   2.4.10
