GEM
  remote: https://rubygems.org/
  specs:
    hashie (5.0.0)
    mustermann (3.0.0)
      ruby2_keywords (~> 0.0.1)
    omniauth (2.1.1)
      hashie (>= 3.4.6)
      rack (>= 2.2.3)
      rack-protection
    rack (2.2.6.4)
    rack-protection (3.0.6)
      rack
    ruby2_keywords (0.0.5)
    sinatra (3.0.6)
      mustermann (~> 3.0)
      rack (~> 2.2, >= 2.2.4)
      rack-protection (= 3.0.6)
      tilt (~> 2.0)
    tilt (2.1.0)

PLATFORMS
  x86_64-darwin-20

DEPENDENCIES
  omniauth
  sinatra

BUNDLED WITH
   2.4.10
